GEM
  remote: https://rubygems.org/
  specs:
    mustermann (1.0.3)
    rack (2.2.3)
    rack-protection (2.0.5)
      rack
    sinatra (2.0.5)
      mustermann (~> 1.0)
      rack (~> 2.0)
      rack-protection (= 2.0.5)
      tilt (~> 2.0)
    tilt (2.0.9)
    week_of_month (1.2.5)

PLATFORMS
  ruby

DEPENDENCIES
  sinatra
  week_of_month

BUNDLED WITH
   1.16.1
